PATH
  remote: .
  specs:
    lab (0.2.6)
      fog
      net-scp
      net-ssh
      pry
      rbvmomi
      sinatra

GEM
  remote: http://rubygems.org/
  specs:
    builder (3.0.0)
    coderay (1.0.6)
    excon (0.13.4)
    fog (1.3.1)
      builder
      excon (~> 0.13.0)
      formatador (~> 0.2.0)
      mime-types
      multi_json (~> 1.0)
      net-scp (~> 1.0.4)
      net-ssh (>= 2.1.3)
      nokogiri (~> 1.5.0)
      ruby-hmac
    formatador (0.2.1)
    method_source (0.7.1)
    mime-types (1.18)
    multi_json (1.3.2)
    mustermann (1.1.1)
      ruby2_keywords (~> 0.0.1)
    net-scp (1.0.4)
      net-ssh (>= 1.99.1)
    net-ssh (2.3.0)
    nokogiri (1.5.2)
    pry (0.9.9.3)
      coderay (~> 1.0.5)
      method_source (~> 0.7.1)
      slop (>= 2.4.4, < 3)
    rack (2.2.3)
    rack-protection (2.1.0)
      rack
    rbvmomi (1.5.1)
      builder
      nokogiri (>= 1.4.1)
      trollop
    ruby-hmac (0.4.0)
    ruby2_keywords (0.0.2)
    sinatra (2.1.0)
      mustermann (~> 1.0)
      rack (~> 2.2)
      rack-protection (= 2.1.0)
      tilt (~> 2.0)
    slop (2.4.4)
    tilt (2.0.10)
    trollop (1.16.2)

PLATFORMS
  ruby

DEPENDENCIES
  lab!
